GEM
  remote: http://rubygems.org/
  specs:
    addressable (2.3.2)
    crack (0.3.2)
    diff-lcs (1.1.3)
    dropbox-api (0.3.2)
      hashie
      multi_json
      oauth
    fake_dropbox (0.2.0)
      json (>= 1.6.1)
      rack (>= 1.3.2)
      rack-test (>= 0.6.1)
      sinatra (>= 1.3.1)
      webmock (>= 1.7.7)
    hashie (1.2.0)
    json (1.7.6)
    multi_json (1.5.0)
    oauth (0.4.7)
    rack (1.4.4)
    rack-protection (1.3.2)
      rack
    rack-test (0.6.2)
      rack (>= 1.0)
    rake (10.0.3)
    rspec (2.12.0)
      rspec-core (~> 2.12.0)
      rspec-expectations (~> 2.12.0)
      rspec-mocks (~> 2.12.0)
    rspec-core (2.12.2)
    rspec-expectations (2.12.1)
      diff-lcs (~> 1.1.3)
    rspec-mocks (2.12.1)
    simplecov (0.7.1)
      multi_json (~> 1.0)
      simplecov-html (~> 0.7.1)
    simplecov-html (0.7.1)
    sinatra (1.3.3)
      rack (~> 1.3, >= 1.3.6)
      rack-protection (~> 1.2)
      tilt (~> 1.3, >= 1.3.3)
    tilt (1.3.3)
    webmock (1.9.0)
      addressable (>= 2.2.7)
      crack (>= 0.1.7)

PLATFORMS
  ruby

DEPENDENCIES
  dropbox-api
  fake_dropbox
  rake
  rspec
  simplecov
